GEM
  remote: https://rubygems.org/
  specs:
    directory_watcher (1.4.1)
    mini_portile2 (2.8.0)
    mustache (0.99.8)
    nokogiri (1.13.6)
      mini_portile2 (~> 2.8.0)
      racc (~> 1.4)
    racc (1.6.0)
    rack (2.1.4)
    redcarpet (3.5.1)
    ruhoh (2.6)
      directory_watcher (~> 1.4.0)
      mustache (~> 0.99)
      nokogiri (~> 1.5)
      rack (>= 2.1.4)
      redcarpet (>= 3.5.1)

PLATFORMS
  ruby

DEPENDENCIES
  ruhoh (~> 2)

BUNDLED WITH
   2.1.4
