GEM
  remote: https://rubygems.org/
  specs:
    directory_watcher (1.4.1)
    mustache (0.99.8)
    nokogiri (1.13.8-x86_64-linux)
      racc (~> 1.4)
    racc (1.6.0)
    rack (3.0.0)
    redcarpet (3.5.1)
    ruhoh (2.6)
      directory_watcher (~> 1.4.0)
      mustache (~> 0.99)
      nokogiri (~> 1.5)
      rack (>= 3.0.0)
      redcarpet (>= 3.5.1)

PLATFORMS
  x86_64-linux

DEPENDENCIES
  ruhoh (~> 2)

BUNDLED WITH
   2.3.22
